GIT
  remote: git@github.com:Carburetor/carbide-core.git
  revision: 45c84f8052343f7d5cde4b1c9f2a627470b7549a
  tag: v0.24.0
  specs:
    carbide-core (0.24.0)
      actionmailer (~> 4.1.14.2)
      actionmailer-text (~> 0.1.1)
      activesupport (~> 4.1.14.2)

GEM
  remote: https://rubygems.org/
  specs:
    actionmailer (4.1.14.2)
      actionpack (= 4.1.14.2)
      actionview (= 4.1.14.2)
      mail (~> 2.5, >= 2.5.4)
    actionmailer-text (0.1.1)
      actionmailer
      htmlentities
    actionpack (4.1.14.2)
      actionview (= 4.1.14.2)
      activesupport (= 4.1.14.2)
      rack (~> 1.5.2)
      rack-test (~> 0.6.2)
    actionview (4.1.14.2)
      activesupport (= 4.1.14.2)
      builder (~> 3.1)
      erubis (~> 2.7.0)
    activesupport (4.1.14.2)
      i18n (~> 0.6, >= 0.6.9)
      json (~> 1.7, >= 1.7.7)
      minitest (~> 5.1)
      thread_safe (~> 0.1)
      tzinfo (~> 1.1)
    awesome_print (1.7.0)
    aws-sdk (2.5.6)
      aws-sdk-resources (= 2.5.6)
    aws-sdk-core (2.5.6)
      jmespath (~> 1.0)
    aws-sdk-resources (2.5.6)
      aws-sdk-core (= 2.5.6)
    builder (3.2.2)
    byebug (9.0.5)
    coderay (1.1.1)
    erubis (2.7.0)
    htmlentities (4.3.4)
    i18n (0.7.0)
    jmespath (1.3.1)
    json (1.8.3)
    mail (2.6.4)
      mime-types (>= 1.16, < 4)
    method_source (0.8.2)
    mime-types (3.1)
      mime-types-data (~> 3.2015)
    mime-types-data (3.2016.0521)
    minitest (5.9.0)
    pry (0.10.4)
      coderay (~> 1.1.0)
      method_source (~> 0.8.1)
      slop (~> 3.4)
    pry-byebug (3.4.0)
      byebug (~> 9.0)
      pry (~> 0.10)
    rack (1.5.5)
    rack-test (0.6.3)
      rack (>= 1.0)
    slop (3.6.0)
    thread_safe (0.3.5)
    tzinfo (1.2.2)
      thread_safe (~> 0.1)

PLATFORMS
  ruby

DEPENDENCIES
  activesupport (~> 4.1.14.2)
  awesome_print (~> 1.7.0)
  aws-sdk (~> 2.5.6)
  carbide-core!
  pry-byebug (~> 3.4.0)

BUNDLED WITH
   1.12.5
